GIT
  remote: git://github.com/opal/opal-spec.git
  revision: 27d82acd43ac9433fcaeca35c5b36fb31a681541
  specs:
    opal-spec (0.3.0)
      opal (~> 0.4.3)
      opal-sprockets (~> 0.1.0)

GIT
  remote: git://github.com/opal/opal.git
  revision: 9491badc33e4688e368c1693907c984ad6e4886f
  specs:
    opal (0.4.4)
      source_map

PATH
  remote: .
  specs:
    vetta (0.1.0)
      opal (>= 0.4.1)
      opal-browser

PATH
  remote: /home/meh/projects/opal/browser
  specs:
    opal-browser (0.1.0)
      opal (>= 0.4.3)

GEM
  remote: https://rubygems.org/
  specs:
    hike (1.2.3)
    json (1.8.0)
    multi_json (1.7.9)
    opal-sprockets (0.1.1)
      opal (~> 0.4.0)
      sprockets
    rack (1.5.2)
    rake (10.1.0)
    source_map (3.0.1)
      json
    sprockets (2.10.0)
      hike (~> 1.2)
      multi_json (~> 1.0)
      rack (~> 1.0)
      tilt (~> 1.1, != 1.3.0)
    tilt (1.4.1)

PLATFORMS
  ruby

DEPENDENCIES
  opal!
  opal-browser!
  opal-spec!
  opal-sprockets
  rack
  rake
  vetta!
